GEM
  remote: https://rubygems.org/
  specs:
    os (1.0.0)
    rake (12.3.2)

PLATFORMS
  ruby

DEPENDENCIES
  os
  rake

BUNDLED WITH
   2.2.11
